GIT
  remote: git://github.com/ifad/hawk.git
  revision: d45e2896713a1506a65a58161b92f1ded8cb8ab0
  branch: feature/ldapr-related-additions
  specs:
    hawk (0.5.0)
      activemodel
      activesupport
      dalli
      ethon (>= 0.7.4)
      multi_json
      typhoeus

PATH
  remote: .
  specs:
    ldapr-client (0.1.0)
      activesupport (>= 3.0)
      ethon
      hawk
      multi_json
      typhoeus (>= 0.6)

GEM
  remote: https://rubygems.org/
  specs:
    activemodel (5.0.1)
      activesupport (= 5.0.1)
    activesupport (5.0.1)
      concurrent-ruby (~> 1.0, >= 1.0.2)
      i18n (~> 0.7)
      minitest (~> 5.1)
      tzinfo (~> 1.1)
    byebug (9.0.6)
    coderay (1.1.1)
    concurrent-ruby (1.0.4)
    dalli (2.7.6)
    diff-lcs (1.2.5)
    dotenv (2.1.1)
    ethon (0.10.1)
      ffi (>= 1.3.0)
    ffi (1.9.14)
    i18n (0.7.0)
    method_source (0.8.2)
    minitest (5.10.1)
    multi_json (1.12.1)
    pry (0.10.4)
      coderay (~> 1.1.0)
      method_source (~> 0.8.1)
      slop (~> 3.4)
    rake (12.0.0)
    rspec (3.5.0)
      rspec-core (~> 3.5.0)
      rspec-expectations (~> 3.5.0)
      rspec-mocks (~> 3.5.0)
    rspec-core (3.5.4)
      rspec-support (~> 3.5.0)
    rspec-expectations (3.5.0)
      diff-lcs (>= 1.2.0, < 2.0)
      rspec-support (~> 3.5.0)
    rspec-mocks (3.5.0)
      diff-lcs (>= 1.2.0, < 2.0)
      rspec-support (~> 3.5.0)
    rspec-support (3.5.0)
    slop (3.6.0)
    thread_safe (0.3.5)
    typhoeus (1.1.2)
      ethon (>= 0.9.0)
    tzinfo (1.2.2)
      thread_safe (~> 0.1)
    vcr (3.0.3)
    yard (0.9.6)

PLATFORMS
  ruby

DEPENDENCIES
  byebug
  dotenv
  hawk!
  ldapr-client!
  pry
  rake
  rspec
  vcr
  yard

BUNDLED WITH
   1.13.6
